PATH
  remote: .
  specs:
    binary_data (0.1)

GEM
  specs:
    rake (0.9.2.2)
    rake-compiler (0.8.0)
      rake

PLATFORMS
  ruby

DEPENDENCIES
  rake
  rake-compiler (~> 0.8.0)
  binary_data!
