PATH
  remote: .
  specs:
    type_array (0.0.1)

GEM
  remote: http://rubygems.org/
  specs:
    rake (13.0.6)
    rake-compiler (0.8.0)
      rake

PLATFORMS
  ruby

DEPENDENCIES
  rake
  rake-compiler (~> 0.8.0)
  type_array!
